GEM
  remote: http://rubygems.org/
  specs:
    autoprefixer-rails (9.4.2)
      execjs
    blockenspiel (0.5.0)
    coderay (1.1.2)
    execjs (2.7.0)
    ffi (1.9.25)
    formatador (0.2.5)
    guard (2.15.0)
      formatador (>= 0.2.4)
      listen (>= 2.7, < 4.0)
      lumberjack (>= 1.0.12, < 2.0)
      nenv (~> 0.1)
      notiffany (~> 0.0)
      pry (>= 0.9.12)
      shellany (~> 0.0)
      thor (>= 0.18.1)
    guard-autoupload (1.1.1)
      guard (~> 2.6)
      net-sftp (~> 2.1)
      net-ssh-simple (~> 1.6)
    guard-compat (1.2.1)
    guard-shell (0.7.1)
      guard (>= 2.0.0)
      guard-compat (~> 1.0)
    guard-webpack (0.1.2)
      guard (< 3.0)
    hashie (3.5.7)
    libnotify (0.9.4)
      ffi (>= 1.0.11)
    listen (3.1.5)
      rb-fsevent (~> 0.9, >= 0.9.4)
      rb-inotify (~> 0.9, >= 0.9.7)
      ruby_dep (~> 1.2)
    lumberjack (1.0.13)
    method_source (0.9.2)
    nenv (0.3.0)
    net-scp (1.2.1)
      net-ssh (>= 2.6.5)
    net-sftp (2.1.2)
      net-ssh (>= 2.6.5)
    net-ssh (4.2.0)
    net-ssh-simple (1.7.3)
      blockenspiel (= 0.5.0)
      hashie (~> 3.5.5)
      net-scp (= 1.2.1)
      net-ssh (= 4.2.0)
    notiffany (0.1.1)
      nenv (~> 0.1)
      shellany (~> 0.0)
    pry (0.12.2)
      coderay (~> 1.1.0)
      method_source (~> 0.9.0)
    rb-fsevent (0.10.3)
    rb-inotify (0.9.10)
      ffi (>= 0.5.0, < 2)
    ruby_dep (1.5.0)
    shellany (0.0.1)
    thor (0.20.3)

PLATFORMS
  ruby

DEPENDENCIES
  autoprefixer-rails
  guard
  guard-autoupload
  guard-shell
  guard-webpack
  libnotify
  net-ssh

BUNDLED WITH
   1.16.6
